GEM
  remote: http://rubygems.org/
  specs:
    daemons (1.1.9)
    eventmachine (1.0.0)
    foreman (0.60.2)
      thor (~> 0.19.1)
    json (1.7.7)
    rack (1.4.5)
    rack-protection (1.5.5)
      rack
    sinatra (1.3.6)
      rack (~> 1.4)
      rack-protection (~> 1.3)
      tilt (~> 1.3, >= 1.3.3)
    thin (1.5.0)
      daemons (>= 1.0.9)
      eventmachine (>= 0.12.6)
      rack (>= 1.0.0)
    thor (0.19.4)
    tilt (1.4.1)

PLATFORMS
  ruby

DEPENDENCIES
  foreman (= 0.60.2)
  json (= 1.7.7)
  rack (= 1.4.5)
  rack-protection (= 1.5.5)
  sinatra (= 1.3.6)
  thin (= 1.5.0)

BUNDLED WITH
   1.14.4
